GEM
  remote: https://rubygems.org/
  specs:
    nio4r (2.5.4)
    puma (5.0.4)
      nio4r (~> 2.0)
    rack (2.2.3)
    roda (3.37.0)
      rack

PLATFORMS
  ruby

DEPENDENCIES
  puma
  roda

BUNDLED WITH
   1.10.6
